PATH
  remote: .
  specs:
    omniauth-uaa-oauth2 (0.0.4)
      cf-uaa-lib (~> 2.0.1)
      cf-uaa-lib (~> 2.0.1)
      omniauth (~> 1.0)

GEM
  remote: http://rubygems.org/
  specs:
    cf-uaa-lib (2.0.1)
      multi_json
    diff-lcs (1.1.3)
    hashie (3.4.1)
    multi_json (1.11.0)
    omniauth (1.2.2)
      hashie (>= 1.2, < 4)
      rack (~> 1.0)
    rack (1.6.0)
    rack-protection (1.5.3)
      rack
    rake (10.4.2)
    rspec (2.6.0)
      rspec-core (~> 2.6.0)
      rspec-expectations (~> 2.6.0)
      rspec-mocks (~> 2.6.0)
    rspec-core (2.6.4)
    rspec-expectations (2.6.0)
      diff-lcs (~> 1.1.2)
    rspec-mocks (2.6.0)
    sinatra (1.4.6)
      rack (~> 1.4)
      rack-protection (~> 1.4)
      tilt (>= 1.3, < 3)
    tilt (2.0.1)

PLATFORMS
  ruby

DEPENDENCIES
  omniauth-uaa-oauth2!
  rake
  rspec (~> 2.6.0)
  sinatra
